ObjectType = Image
NDims = 3
BinaryData = TRUE
BinaryDataByteOrderMSB = True
CompressedData = False
TransformMatrix = 1 0 0 0 1 0 0 0 1
Offset = 0 0 0
CenterOfRotation = 0 0 0
AnatomicalOrientation = RAI
ElementSpacing = 1 1 1
DimSize = 512 512 6
ElementType = MET_UCHAR
ElementDataFile = hoge_t00003c01.raw
