ObjectType = Image
NDims = 3
BinaryData = True
BinaryDataByteOrderMSB = False
CompressedData = False
TransformMatrix = 0 1 0 0 0 -1 -1 0 0
Offset = -22.4638 -240.362 125
CenterOfRotation = 0 0 0
AnatomicalOrientation = ASL
ElementSpacing = 0.488281 0.488281 10.4
DimSize = 512 512 9
ElementType = MET_UCHAR
ElementDataFile = out2.raw
