ObjectType = Image
NDims = 4
BinaryData = True
BinaryDataByteOrderMSB = False
CompressedData = False
TransformMatrix = 1 0 0 0 0 1 0 0 0 0 1 0 0 0 0 1
Offset = 0 0 0 0
CenterOfRotation = 0 0 0 0
AnatomicalOrientation = RAI
ElementSpacing = 0.352778 0.352778 1 1
DimSize = 787 1024 3 11
ElementType = MET_UCHAR
ElementDataFile = out3.raw
