ObjectType = Image
NDims = 4
BinaryData = True
BinaryDataByteOrderMSB = False
CompressedData = False
TransformMatrix = 0 1 0 0 0 0 -1 0 -1 0 0 0 0 0 0 1
Offset = -22.4638 -240.362 125 0
CenterOfRotation = 0 0 0 0
AnatomicalOrientation = ASL
ElementSpacing = 0.488281 0.488281 10.4 3
DimSize = 512 512 9 3
ElementType = MET_UCHAR
ElementDataFile = LIST
out2.raw
out2_2.raw
out2_3.raw
